GEM
  remote: https://rubygems.org/
  specs:
    mysql2 (0.5.0)

PLATFORMS
  ruby

DEPENDENCIES
  mysql2

BUNDLED WITH
   1.16.0
